GEM
  remote: https://rubygems.org/
  specs:
    actionmailer (3.2.22.5)
      actionpack (= 3.2.22.5)
      mail (~> 2.5.4)
    actionpack (3.2.22.5)
      activemodel (= 3.2.22.5)
      activesupport (= 3.2.22.5)
      builder (~> 3.0.0)
      erubis (~> 2.7.0)
      journey (~> 1.0.4)
      rack (~> 1.4.5)
      rack-cache (~> 1.2)
      rack-test (~> 0.6.1)
      sprockets (~> 2.2.1)
    activemodel (3.2.22.5)
      activesupport (= 3.2.22.5)
      builder (~> 3.0.0)
    activerecord (3.2.22.5)
      activemodel (= 3.2.22.5)
      activesupport (= 3.2.22.5)
      arel (~> 3.0.2)
      tzinfo (~> 0.3.29)
    activeresource (3.2.22.5)
      activemodel (= 3.2.22.5)
      activesupport (= 3.2.22.5)
    activesupport (3.2.22.5)
      i18n (~> 0.6, >= 0.6.4)
      multi_json (~> 1.0)
    acts_as_list (0.4.0)
      activerecord (>= 3.0)
    acts_as_paranoid (0.4.1)
      activerecord (~> 3.2)
    addressable (2.8.0)
      public_suffix (>= 2.0.2, < 5.0)
    annotate (2.5.0)
      rake
    arel (3.0.3)
    awesome_print (1.6.1)
    aws-sdk (1.67.0)
      aws-sdk-v1 (= 1.67.0)
    aws-sdk-v1 (1.67.0)
      json (~> 1.4)
      nokogiri (~> 1)
    barnes (0.0.9)
      multi_json (~> 1)
      statsd-ruby (~> 1.1)
    bcrypt (3.1.16)
    bcrypt-ruby (3.1.5)
      bcrypt (>= 3.1.3)
    better_errors (1.1.0)
      coderay (>= 1.0.0)
      erubis (>= 2.6.6)
    binding_of_caller (0.7.3)
      debug_inspector (>= 0.0.1)
    bluecloth (2.2.0)
    bootstrap-multiselect-rails (0.0.4)
      railties (>= 3.2.0, < 5.0)
    bootstrap-sass (2.0.4.2)
    bootstrap-will_paginate (0.0.10)
      will_paginate
    browser (0.1.6)
    builder (3.2.4)
    callsite (0.0.11)
    capybara (2.4.4)
      mime-types (>= 1.16)
      nokogiri (>= 1.3.3)
      rack (>= 1.0.0)
      rack-test (>= 0.5.4)
      xpath (~> 2.0)
    capybara-extensions (0.4.1)
      capybara (~> 2.2)
    carmen (1.0.2)
      activesupport (>= 3.0.0)
    carmen-rails (1.0.1)
      carmen (~> 1.0.0)
      rails
    carrierwave (0.11.2)
      activemodel (>= 3.2.0)
      activesupport (>= 3.2.0)
      json (>= 1.7)
      mime-types (>= 1.16)
      mimemagic (>= 0.3.0)
    celluloid (0.16.0)
      timers (~> 4.0.0)
    childprocess (3.0.0)
    chronic (0.10.2)
    chunky_png (1.4.0)
    ckeditor_rails (4.5.11)
      railties (>= 3.0)
    coderay (1.1.3)
    coffee-rails (3.2.2)
      coffee-script (>= 2.2.0)
      railties (~> 3.2.0)
    coffee-script (2.4.1)
      coffee-script-source
      execjs
    coffee-script-source (1.12.2)
    compass (1.0.3)
      chunky_png (~> 1.2)
      compass-core (~> 1.0.2)
      compass-import-once (~> 1.0.5)
      rb-fsevent (>= 0.9.3)
      rb-inotify (>= 0.9)
      sass (>= 3.3.13, < 3.5)
    compass-core (1.0.3)
      multi_json (~> 1.0)
      sass (>= 3.3.0, < 3.5)
    compass-import-once (1.0.5)
      sass (>= 3.2, < 3.5)
    compass-rails (1.1.7)
      compass (>= 0.12.2)
      sprockets (<= 2.11.0)
    concurrent-ruby (1.1.9)
    crack (0.4.5)
      rexml
    crass (1.0.6)
    cucumber (2.1.0)
      builder (>= 2.1.2)
      cucumber-core (~> 1.3.0)
      diff-lcs (>= 1.1.3)
      gherkin3 (~> 3.1.0)
      multi_json (>= 1.7.5, < 2.0)
      multi_test (>= 0.1.2)
    cucumber-core (1.3.1)
      gherkin3 (~> 3.1.0)
    cucumber-rails (1.4.5)
      capybara (>= 1.1.2, < 3)
      cucumber (>= 1.3.8, < 4)
      mime-types (>= 1.16, < 4)
      nokogiri (~> 1.5)
      railties (>= 3, < 5.1)
    database_cleaner (1.0.1)
    debase (0.2.4.1)
      debase-ruby_core_source (>= 0.10.2)
    debase-ruby_core_source (0.10.12)
    debug_inspector (1.1.0)
    diff-lcs (1.4.4)
    docile (1.4.0)
    dotenv (1.0.2)
    erubis (2.7.0)
    et-orbi (1.2.6)
      tzinfo
    excon (0.88.0)
    execjs (2.8.1)
    factory_girl (4.4.0)
      activesupport (>= 3.0.0)
    factory_girl_rails (4.4.1)
      factory_girl (~> 4.4.0)
      railties (>= 3.0.0)
    faker (1.1.2)
      i18n (~> 0.5)
    ffi (1.15.4)
    fog-aws (3.4.0)
      fog-core (~> 2.1)
      fog-json (~> 1.1)
      fog-xml (~> 0.1)
      ipaddress (~> 0.8)
    fog-core (2.2.4)
      builder
      excon (~> 0.71)
      formatador (~> 0.2)
      mime-types
    fog-json (1.2.0)
      fog-core
      multi_json (~> 1.10)
    fog-xml (0.1.4)
      fog-core
      nokogiri (>= 1.5.11, < 2.0.0)
    font-awesome-rails (3.2.1.3)
      railties (>= 3.2, < 5.0)
    foreigner (1.7.4)
      activerecord (>= 3.0.0)
    foreman (0.76.0)
      dotenv (~> 1.0.2)
      thor (~> 0.19.1)
    formatador (0.3.0)
    fugit (1.5.2)
      et-orbi (~> 1.1, >= 1.1.8)
      raabro (~> 1.4)
    get_process_mem (0.2.7)
      ffi (~> 1.0)
    gherkin3 (3.1.2)
    github-markdown (0.6.9)
    gravatar-ultimate (2.0.0)
      activesupport (>= 2.3.14)
      rack
    gravatar_image_tag (0.1.0)
    guard (2.10.5)
      formatador (>= 0.2.4)
      listen (~> 2.7)
      lumberjack (~> 1.0)
      nenv (~> 0.1)
      pry (>= 0.9.12)
      thor (>= 0.18.1)
    guard-bundler (2.1.0)
      bundler (~> 1.0)
      guard (~> 2.2)
      guard-compat (~> 1.1)
    guard-coffeescript (2.0.1)
      coffee-script (>= 2.2.0)
      guard (>= 2.1.0)
      guard-compat (~> 1.1)
    guard-compat (1.2.1)
    guard-cucumber (2.1.2)
      cucumber (~> 2.0)
      guard-compat (~> 1.0)
      nenv (~> 0.1)
    guard-jasmine (1.19.2)
      childprocess
      guard (>= 2.0.0)
      multi_json
      thor
      tilt
    guard-rails (0.6.1)
      guard (~> 2.0)
    guard-rspec (4.6.5)
      guard (~> 2.1)
      guard-compat (~> 1.1)
      rspec (>= 2.99.0, < 4.0)
    guard-spork (2.1.0)
      childprocess (>= 0.2.3)
      guard (~> 2.0)
      guard-compat (~> 1.0)
      spork (>= 0.8.4)
    hashdiff (1.0.1)
    hike (1.2.3)
    hitimes (2.0.0)
    holidays (2.2.0)
    honeybadger (4.7.3)
    html-pipeline (2.6.0)
      activesupport (>= 2)
      nokogiri (>= 1.4)
    i18n (0.9.5)
      concurrent-ruby (~> 1.0)
    ipaddress (0.8.3)
    jasmine (2.9.0)
      jasmine-core (>= 2.9.0, < 3.0.0)
      phantomjs
      rack (>= 1.2.1)
      rake
    jasmine-core (2.9.1)
    jasmine_junitxml_formatter (1.2.0)
      jasmine (~> 2.4)
      nokogiri
    journey (1.0.4)
    jquery-datatables-rails (2.2.3)
      jquery-rails
      sass-rails
    jquery-rails (3.1.1)
      railties (>= 3.0, < 5.0)
      thor (>= 0.14, < 2.0)
    jquery-ui-rails (4.2.1)
      railties (>= 3.2.16)
    json (1.8.6)
    kgio (2.11.4)
    launchy (2.1.2)
      addressable (~> 2.3)
    listen (2.10.1)
      celluloid (~> 0.16.0)
      rb-fsevent (>= 0.9.3)
      rb-inotify (>= 0.9)
    lumberjack (1.2.8)
    macaddr (1.7.2)
      systemu (~> 2.6.5)
    mail (2.5.5)
      mime-types (~> 1.16)
      treetop (~> 1.4.8)
    mailboxer (0.10.3)
      carrierwave (>= 0.5.8)
      foreigner (>= 0.9.1)
      rails (> 3.0.0)
    meta_request (0.2.9)
      callsite
      rack-contrib
      railties
    method_source (0.9.2)
    mil-ims-lti (1.2.2)
      builder
      oauth (~> 0.4.5)
      uuid
    mil_friendly_id (4.0.9.9)
      acts_as_paranoid (= 0.4.1)
    mime-types (1.25.1)
    mimemagic (0.4.3)
      nokogiri (~> 1)
      rake
    mini_portile2 (2.8.0)
    mono_logger (1.1.1)
    multi_json (1.15.0)
    multi_test (0.1.2)
    nenv (0.3.0)
    newrelic_rpm (6.13.1)
    nokogiri (1.13.4)
      mini_portile2 (~> 2.8.0)
      racc (~> 1.4)
    nokogumbo (1.2.0)
      nokogiri
    oauth (0.4.7)
    oj (2.18.5)
    omg_validator (1.0.0)
      activemodel
    pg (1.1.4)
    phantomjs (2.1.1.0)
    polyglot (0.3.5)
    power_assert (0.4.1)
    pry (0.12.2)
      coderay (~> 1.1.0)
      method_source (~> 0.9.0)
    public_suffix (4.0.6)
    raabro (1.4.0)
    racc (1.6.0)
    rack (1.4.7)
    rack-cache (1.13.0)
      rack (>= 0.4)
    rack-contrib (1.8.0)
      rack (~> 1.4)
    rack-cors (1.0.3)
    rack-protection (1.5.5)
      rack
    rack-ssl (1.3.4)
      rack
    rack-test (0.6.3)
      rack (>= 1.0)
    rails (3.2.22.5)
      actionmailer (= 3.2.22.5)
      actionpack (= 3.2.22.5)
      activerecord (= 3.2.22.5)
      activeresource (= 3.2.22.5)
      activesupport (= 3.2.22.5)
      bundler (~> 1.0)
      railties (= 3.2.22.5)
    rails3-jquery-autocomplete (1.0.15)
      rails (>= 3.2)
    rails_12factor (0.0.3)
      rails_serve_static_assets
      rails_stdout_logging
    rails_serve_static_assets (0.0.5)
    rails_stdout_logging (0.0.5)
    railties (3.2.22.5)
      actionpack (= 3.2.22.5)
      activesupport (= 3.2.22.5)
      rack-ssl (~> 1.3.2)
      rake (>= 0.8.7)
      rdoc (~> 3.4)
      thor (>= 0.14.6, < 2.0)
    raindrops (0.19.2)
    rake (11.3.0)
    rb-fsevent (0.9.8)
    rb-inotify (0.10.1)
      ffi (~> 1.0)
    rdoc (3.12.2)
      json (~> 1.4)
    read_only_filter (1.0.0)
    redis (4.2.5)
    redis-namespace (1.7.0)
      redis (>= 3.0.4)
    resque (1.27.4)
      mono_logger (~> 1.0)
      multi_json (~> 1.0)
      redis-namespace (~> 1.3)
      sinatra (>= 0.9.2)
      vegas (~> 0.1.2)
    resque-queue-priority (0.6.2)
      resque (~> 1.10)
    resque-scheduler (4.4.0)
      mono_logger (~> 1.0)
      redis (>= 3.3)
      resque (>= 1.26)
      rufus-scheduler (~> 3.2)
    resque-status (0.5.0)
      resque (~> 1.19)
    rexml (3.2.5)
    rmagick (3.2.0)
    rspec (2.99.0)
      rspec-core (~> 2.99.0)
      rspec-expectations (~> 2.99.0)
      rspec-mocks (~> 2.99.0)
    rspec-collection_matchers (1.2.0)
      rspec-expectations (>= 2.99.0.beta1)
    rspec-core (2.99.2)
    rspec-expectations (2.99.2)
      diff-lcs (>= 1.1.3, < 2.0)
    rspec-mocks (2.99.4)
    rspec-rails (2.99.0)
      actionpack (>= 3.0)
      activemodel (>= 3.0)
      activesupport (>= 3.0)
      railties (>= 3.0)
      rspec-collection_matchers
      rspec-core (~> 2.99.0)
      rspec-expectations (~> 2.99.0)
      rspec-mocks (~> 2.99.0)
    rspec_junit_formatter (0.4.1)
      rspec-core (>= 2, < 4, != 2.12.0)
    ruby-debug-ide (0.7.3)
      rake (>= 0.8.1)
    ruby-ole (1.2.12.2)
    ruby_gntp (0.3.4)
    rubyzip (1.3.0)
    rufus-scheduler (3.8.0)
      fugit (~> 1.1, >= 1.1.6)
    sanitize (3.1.2)
      crass (~> 1.0.1)
      nokogiri (>= 1.4.4)
      nokogumbo (= 1.2.0)
    sass (3.3.14)
    sass-rails (3.2.6)
      railties (~> 3.2.0)
      sass (>= 3.1.10)
      tilt (~> 1.3)
    simplecov (0.16.1)
      docile (~> 1.1)
      json (>= 1.8, < 3)
      simplecov-html (~> 0.10.0)
    simplecov-html (0.10.2)
    sinatra (1.4.6)
      rack (~> 1.4)
      rack-protection (~> 1.4)
      tilt (>= 1.3, < 3)
    spinjs-rails (1.4)
      rails (>= 3.1)
    spork (0.9.2)
    spreadsheet (1.0.9)
      ruby-ole (>= 1.0)
    spring (1.7.2)
    spring-commands-cucumber (1.0.1)
      spring (>= 0.9.1)
    spring-commands-rspec (1.0.4)
      spring (>= 0.9.1)
    sprockets (2.2.3)
      hike (~> 1.2)
      multi_json (~> 1.0)
      rack (~> 1.0)
      tilt (~> 1.1, != 1.3.0)
    sqlite3 (1.4.2)
    statsd-ruby (1.5.0)
    systemu (2.6.5)
    test-unit (3.5.1)
      power_assert
    thor (0.19.4)
    tilt (1.4.1)
    timers (4.0.4)
      hitimes
    touchpunch-rails (1.0.1)
      railties (>= 3.1, < 4.1)
    treetop (1.4.15)
      polyglot
      polyglot (>= 0.3.1)
    turbo-sprockets-rails3 (0.3.14)
      railties (> 3.2.8, < 4.0.0)
      sprockets (>= 2.2.0)
    tzinfo (0.3.60)
    uglifier (2.7.2)
      execjs (>= 0.3.0)
      json (>= 1.8.0)
    unicorn (5.8.0)
      kgio (~> 2.6)
      raindrops (~> 0.7)
    unicorn-worker-killer (0.4.5)
      get_process_mem (~> 0)
      unicorn (>= 4, < 7)
    uuid (2.3.9)
      macaddr (~> 1.0)
    vegas (0.1.11)
      rack (>= 1.0.0)
    vestal_versions (2.0.0)
      activerecord (>= 3, < 5)
      activesupport (>= 3, < 5)
    webmock (2.3.2)
      addressable (>= 2.3.6)
      crack (>= 0.3.2)
      hashdiff
    webrick (1.7.0)
    will_paginate (3.0.12)
    wirble (0.1.3)
    xmlrpc (0.3.2)
      webrick
    xpath (2.1.0)
      nokogiri (~> 1.3)
    zencoder (2.5.1)
      multi_json

PLATFORMS
  ruby

DEPENDENCIES
  acts_as_list (~> 0.4.0)
  acts_as_paranoid (= 0.4.1)
  annotate (~> 2.5.0)
  awesome_print (~> 1.6.1)
  aws-sdk (~> 1.67.0)
  barnes
  bcrypt-ruby (~> 3.1.5)
  better_errors (~> 1.1.0)
  binding_of_caller (~> 0.7.3)
  bluecloth
  bootstrap-multiselect-rails
  bootstrap-sass (~> 2.0.0)
  bootstrap-will_paginate (= 0.0.10)
  browser (= 0.1.6)
  capybara (~> 2.4.4)
  capybara-extensions (~> 0.4.1)
  carmen-rails (~> 1.0.1)
  carrierwave (~> 0.11.0)
  childprocess (~> 3.0.0)
  chronic (~> 0.10.2)
  ckeditor_rails (~> 4.5.11)
  coffee-rails (~> 3.2.1)
  coffee-script (~> 2.4.1)
  coffee-script-source (~> 1.12.2)
  compass-rails (~> 1.1.7)
  concurrent-ruby (~> 1.1.9)
  cucumber (~> 2.1.0)
  cucumber-rails (~> 1.4.5)
  database_cleaner (~> 1.0.1)
  debase (~> 0.2.4)
  factory_girl_rails (~> 4.4.0)
  faker (~> 1.1.2)
  fog-aws (~> 3.4.0)
  font-awesome-rails (~> 3.2.1.2)
  foreman (~> 0.76.0)
  github-markdown (~> 0.6.9)
  gravatar-ultimate
  gravatar_image_tag (~> 0.1.0)
  guard (~> 2.10.5)
  guard-bundler (~> 2.1.0)
  guard-coffeescript (~> 2.0.1)
  guard-cucumber (~> 2.1.2)
  guard-jasmine (~> 1.19.2)
  guard-rails (~> 0.6.1)
  guard-rspec (~> 4.6.5)
  guard-spork (~> 2.1.0)
  holidays (~> 2.2.0)
  honeybadger (~> 4.7.3)
  html-pipeline (~> 2.6.0)
  jasmine (~> 2.9.0)
  jasmine-core (~> 2.9.0)
  jasmine_junitxml_formatter
  jquery-datatables-rails (~> 2.2.3)
  jquery-rails (= 3.1.1)
  jquery-ui-rails (~> 4.2.1)
  json (~> 1.8.6)
  kgio (~> 2.11.3)
  launchy (~> 2.1.2)
  mailboxer (~> 0.10.3)
  meta_request (~> 0.2.9)
  mil-ims-lti (~> 1.2.2)
  mil_friendly_id (= 4.0.9.9)
  newrelic_rpm (~> 6.13.1)
  nokogiri (~> 1.13.4)
  oauth
  oj (~> 2.18.5)
  omg_validator (~> 1.0.0)
  pg (~> 1.1.4)
  power_assert (~> 0.4.1)
  pry (~> 0.12.2)
  rack (~> 1.4.7)
  rack-cors (~> 1.0.3)
  rails (~> 3.2.22)
  rails3-jquery-autocomplete (~> 1.0.15)
  rails_12factor
  rake (~> 11.3.0)
  rb-fsevent (~> 0.9.1)
  read_only_filter (~> 1.0.0)
  redis (~> 4.2.5)
  redis-namespace (~> 1.7.0)
  resque (~> 1.27.4)
  resque-queue-priority (~> 0.6.2)
  resque-scheduler (~> 4.4.0)
  resque-status (~> 0.5.0)
  rmagick (~> 3.2.0)
  rspec-rails (~> 2.99.0)
  rspec_junit_formatter
  ruby-debug-ide
  ruby_gntp
  rubyzip (~> 1.3.0)
  sanitize (~> 3.1.2)
  sass (~> 3.3.14)
  sass-rails (~> 3.2.6)
  simplecov (~> 0.16.1)
  spinjs-rails (~> 1.4)
  spreadsheet (~> 1.0.9)
  spring (~> 1.7.2)
  spring-commands-cucumber
  spring-commands-rspec
  sqlite3 (~> 1.4.2)
  test-unit (~> 3.4)
  touchpunch-rails (= 1.0.1)
  turbo-sprockets-rails3
  uglifier (~> 2.7.2)
  unicorn (~> 5.8.0)
  unicorn-worker-killer (~> 0.4.5)
  vestal_versions (~> 2.0.0)
  webmock (= 2.3.2)
  will_paginate (~> 3.0.7)
  wirble
  xmlrpc
  zencoder (= 2.5.1)
